ObjectType = Image
NDims = 2
BinaryData = True
BinaryDataByteOrderMSB = False
CompressedData = False
TransformMatrix = 1 0 0 0 1 0 0 0 1
Offset = 0 0 0
CenterOfRotation = 0 0 0
ElementSpacing = 0.085 0.085
DimSize = 3000 1500
AnatomicalOrientation = ???
ElementType = MET_FLOAT
ObjectType = Image
ElementDataFile = projection_DM101.raw